GEM
  remote: https://rubygems.org/
  specs:
    RedCloth (4.3.2)
    builder (3.2.3)
    diff-lcs (1.3)
    ffi (1.9.18)
    kgio (2.11.0)
    preamble (0.0.3)
      rspec
    public_suffix (3.0.1)
    rack (1.6.8)
    rack-protection (1.5.3)
      rack
    raindrops (0.19.0)
    rb-fsevent (0.10.2)
    rb-inotify (0.9.10)
      ffi (>= 0.5.0, < 2)
    redcarpet (3.4.0)
    rspec (3.7.0)
      rspec-core (~> 3.7.0)
      rspec-expectations (~> 3.7.0)
      rspec-mocks (~> 3.7.0)
    rspec-core (3.7.0)
      rspec-support (~> 3.7.0)
    rspec-expectations (3.7.0)
      diff-lcs (>= 1.2.0, < 2.0)
      rspec-support (~> 3.7.0)
    rspec-mocks (3.7.0)
      diff-lcs (>= 1.2.0, < 2.0)
      rspec-support (~> 3.7.0)
    rspec-support (3.7.0)
    sass (3.5.3)
      sass-listen (~> 4.0.0)
    sass-listen (4.0.0)
      rb-fsevent (~> 0.9, >= 0.9.4)
      rb-inotify (~> 0.9, >= 0.9.7)
    sinatra (1.4.8)
      rack (~> 1.5)
      rack-protection (~> 1.4)
      tilt (>= 1.3, < 3)
    slim (3.0.9)
      temple (>= 0.7.6, < 0.9)
      tilt (>= 1.3.3, < 2.1)
    temple (0.8.0)
    tilt (2.0.8)
    tinyatom (0.3.6)
      builder (> 0)
      public_suffix (> 0)
    unicorn (5.3.1)
      kgio (~> 2.6)
      raindrops (~> 0.7)
    xml-sitemap (1.3.3)
      builder (>= 2.0)

PLATFORMS
  ruby

DEPENDENCIES
  RedCloth
  preamble (>= 0.0.3)
  redcarpet
  sass
  sinatra (~> 1.4.4)
  slim
  tinyatom
  unicorn
  xml-sitemap

BUNDLED WITH
   1.16.0
