GEM
  remote: https://rubygems.org/
  specs:
    RedCloth (4.2.9)
    builder (3.2.2)
    coffee-script (2.2.0)
      coffee-script-source
      execjs
    coffee-script-source (1.7.0)
    execjs (2.0.2)
    kgio (2.9.2)
    preamble (0.0.2)
    public_suffix (1.4.2)
    rack (1.5.2)
    rack-protection (1.5.2)
      rack
    raindrops (0.13.0)
    redcarpet (3.1.1)
    sass (3.3.4)
    sinatra (1.4.4)
      rack (~> 1.4)
      rack-protection (~> 1.4)
      tilt (~> 1.3, >= 1.3.4)
    slim (2.0.2)
      temple (~> 0.6.6)
      tilt (>= 1.3.3, < 2.1)
    temple (0.6.7)
    tilt (1.4.1)
    tinyatom (0.3.6)
      builder (> 0)
      public_suffix (> 0)
    unicorn (4.8.2)
      kgio (~> 2.6)
      rack
      raindrops (~> 0.7)
    xml-sitemap (1.3.3)
      builder (>= 2.0)

PLATFORMS
  ruby

DEPENDENCIES
  RedCloth
  coffee-script
  preamble
  redcarpet
  sass
  sinatra (~> 1.4.4)
  slim
  tinyatom
  unicorn
  xml-sitemap
